PATH
  remote: .
  specs:
    gutdata (0.6.25)
      docile (~> 1.1, >= 1.1.5)
      erubis (~> 2.7, >= 2.7.0)
      gli (~> 2.13, >= 2.13.2)
      highline (~> 1.7, >= 1.7.3)
      json_pure (~> 1.8, >= 1.8.2)
      multi_json (~> 1.11, >= 1.11.2)
      parseconfig (~> 1.0, >= 1.0.6)
      pmap (~> 1.0, >= 1.0.2)
      pry (~> 0.10, >= 0.10.3)
      rest-client (~> 1.8, >= 1.8.0)
      restforce (~> 3.0.0)
      rubyzip (~> 1.1, >= 1.1.7)
      salesforce_bulk_query (~> 0.2, >= 0.2.0)
      terminal-table (~> 1.5, >= 1.5.2)
      thread_safe

GEM
  remote: https://rubygems.org/
  specs:
    ZenTest (4.12.0)
    addressable (2.7.0)
      public_suffix (>= 2.0.2, < 5.0)
    coderay (1.1.3)
    colored (1.2)
    crack (0.4.5)
      rexml
    debase (0.2.4.1)
      debase-ruby_core_source (>= 0.10.2)
    debase-ruby_core_source (0.10.12)
    diff-lcs (1.4.4)
    docile (1.3.5)
    domain_name (0.5.20190701)
      unf (>= 0.0.5, < 1.0.0)
    erubis (2.7.0)
    faraday (0.15.0)
      multipart-post (>= 1.2, < 3)
    faraday_middleware (0.13.1)
      faraday (>= 0.7.4, < 1.0)
    gli (2.20.0)
    hashdiff (1.0.1)
    hashie (3.6.0)
    highline (1.7.10)
    http-cookie (1.0.3)
      domain_name (~> 0.5)
    json (1.8.6)
    json_pure (1.8.6)
    method_source (1.0.0)
    mime-types (2.99.3)
    multi_json (1.15.0)
    multipart-post (2.1.1)
    netrc (0.11.0)
    parseconfig (1.1.0)
    pmap (1.1.1)
    pry (0.14.0)
      coderay (~> 1.1)
      method_source (~> 1.0)
    public_suffix (4.0.6)
    rake (10.5.0)
    rake-notes (0.2.2)
      colored
      rake
    rest-client (1.8.0)
      http-cookie (>= 1.0.2, < 2.0)
      mime-types (>= 1.16, < 3.0)
      netrc (~> 0.7)
    restforce (3.0.1)
      faraday (>= 0.9.0, <= 1.0)
      faraday_middleware (>= 0.8.8, <= 1.0)
      hashie (>= 1.2.0, < 4.0)
      json (>= 1.7.5)
    rexml (3.2.4)
    rspec (3.9.0)
      rspec-core (~> 3.9.0)
      rspec-expectations (~> 3.9.0)
      rspec-mocks (~> 3.9.0)
    rspec-core (3.9.0)
      rspec-support (~> 3.9.0)
    rspec-expectations (3.9.0)
      diff-lcs (>= 1.2.0, < 2.0)
      rspec-support (~> 3.9.0)
    rspec-mocks (3.9.0)
      diff-lcs (>= 1.2.0, < 2.0)
      rspec-support (~> 3.9.0)
    rspec-support (3.9.0)
    rubyzip (1.3.0)
    salesforce_bulk_query (0.2.0)
      json (~> 1.8)
      xml-simple (~> 1.1)
    terminal-table (1.8.0)
      unicode-display_width (~> 1.1, >= 1.1.1)
    thread_safe (0.3.6)
    unf (0.1.4)
      unf_ext
    unf_ext (0.0.7.7)
    unicode-display_width (1.7.0)
    webmock (1.24.6)
      addressable (>= 2.3.6)
      crack (>= 0.3.2)
      hashdiff
    xml-simple (1.1.8)
    yard (0.8.7.6)
    yard-rspec (0.1)
      yard

PLATFORMS
  ruby

DEPENDENCIES
  ZenTest (~> 4.10, >= 4.11.0)
  bundler (>= 1.10.6)
  debase (~> 0.1, >= 0.1.7)
  gutdata!
  rake (~> 10.4, >= 10.4.2)
  rake-notes (~> 0.2, >= 0.2.0)
  rspec (~> 3.3, >= 3.3.0)
  webmock (~> 1.21, >= 1.21.0)
  yard (~> 0.8.7.6)
  yard-rspec (~> 0.1)

BUNDLED WITH
   1.13.6
